GEM
  remote: https://rubygems.org/
  specs:
    axiom-types (0.1.1)
      descendants_tracker (~> 0.0.4)
      ice_nine (~> 0.11.0)
      thread_safe (~> 0.3, >= 0.3.1)
    builder (3.2.2)
    coercible (1.0.0)
      descendants_tracker (~> 0.0.1)
    cucumber (1.3.19)
      builder (>= 2.1.2)
      diff-lcs (>= 1.1.3)
      gherkin (~> 2.12)
      multi_json (>= 1.7.5, < 2.0)
      multi_test (>= 0.1.2)
    cucumber_statistics (1.0.4)
      cucumber
      haml
      tilt
      virtus
    descendants_tracker (0.0.4)
      thread_safe (~> 0.3, >= 0.3.1)
    diff-lcs (1.2.5)
    equalizer (0.0.11)
    fivemat (1.3.1)
    fuubar-cucumber (0.0.22)
      cucumber (~> 1.3.0)
      ruby-progressbar (~> 1.2)
    gherkin (2.12.2-x86-mingw32)
      multi_json (~> 1.3)
    haml (4.0.6)
      tilt
    ice_nine (0.11.1)
    minitest (5.6.0)
    multi_json (1.11.0)
    multi_test (0.1.2)
    ruby-progressbar (1.7.5)
    thread_safe (0.3.5)
    tilt (2.0.1)
    virtus (1.0.5)
      axiom-types (~> 0.1)
      coercible (~> 1.0)
      descendants_tracker (~> 0.0, >= 0.0.3)
      equalizer (~> 0.0, >= 0.0.9)

PLATFORMS
  x86-mingw32

DEPENDENCIES
  cucumber_statistics
  fivemat
  fuubar-cucumber
  minitest
  ruby-progressbar
